GEM
  remote: https://rubygems.org/
  specs:
    actionmailer (4.1.6)
      actionpack (= 4.1.6)
      actionview (= 4.1.6)
      mail (~> 2.5, >= 2.5.4)
    actionpack (4.1.6)
      actionview (= 4.1.6)
      activesupport (= 4.1.6)
      rack (~> 1.5.2)
      rack-test (~> 0.6.2)
    actionview (4.1.6)
      activesupport (= 4.1.6)
      builder (~> 3.1)
      erubis (~> 2.7.0)
    activemodel (4.1.6)
      activesupport (= 4.1.6)
      builder (~> 3.1)
    activerecord (4.1.6)
      activemodel (= 4.1.6)
      activesupport (= 4.1.6)
      arel (~> 5.0.0)
    activesupport (4.1.6)
      i18n (~> 0.6, >= 0.6.9)
      json (~> 1.7, >= 1.7.7)
      minitest (~> 5.1)
      thread_safe (~> 0.1)
      tzinfo (~> 1.1)
    ansi (1.4.3)
    arel (5.0.1.20140414130214)
    autoprefixer-rails (3.1.2.20141016)
      execjs
    bcrypt (3.1.7)
    better_errors (2.0.0)
      coderay (>= 1.0.0)
      erubis (>= 2.6.6)
      rack (>= 0.9.0)
    binding_of_caller (0.7.3.pre1)
      debug_inspector (>= 0.0.1)
    bootstrap-sass (3.2.0.2)
      sass (~> 3.2)
    brakeman (3.0.1)
      erubis (~> 2.6)
      fastercsv (~> 1.5)
      haml (>= 3.0, < 5.0)
      highline (~> 1.6.20)
      multi_json (~> 1.2)
      ruby2ruby (~> 2.1.1)
      ruby_parser (~> 3.5.0)
      sass (~> 3.0)
      terminal-table (~> 1.4)
    builder (3.2.2)
    byebug (3.5.1)
      columnize (~> 0.8)
      debugger-linecache (~> 1.2)
      slop (~> 3.6)
    celluloid (0.16.0)
      timers (~> 4.0.0)
    coderay (1.1.0)
    coffee-rails (4.1.0)
      coffee-script (>= 2.2.0)
      railties (>= 4.0.0, < 5.0)
    coffee-script (2.3.0)
      coffee-script-source
      execjs
    coffee-script-source (1.8.0)
    columnize (0.8.9)
    debug_inspector (0.0.2)
    debugger-linecache (1.2.0)
    erubis (2.7.0)
    execjs (2.2.2)
    fastercsv (1.5.5)
    ffi (1.9.6)
    formatador (0.2.5)
    guard (2.6.1)
      formatador (>= 0.2.4)
      listen (~> 2.7)
      lumberjack (~> 1.0)
      pry (>= 0.9.12)
      thor (>= 0.18.1)
    guard-minitest (2.3.1)
      guard (~> 2.0)
      minitest (>= 3.0)
    haml (4.0.6)
      tilt
    highline (1.6.21)
    hike (1.2.3)
    hitimes (1.2.2)
    i18n (0.6.11)
    jbuilder (2.2.3)
      activesupport (>= 3.0.0, < 5)
      multi_json (~> 1.2)
    jquery-rails (3.1.2)
      railties (>= 3.0, < 5.0)
      thor (>= 0.14, < 2.0)
    json (1.8.1)
    listen (2.7.11)
      celluloid (>= 0.15.2)
      rb-fsevent (>= 0.9.3)
      rb-inotify (>= 0.9)
    loofah (2.0.1)
      nokogiri (>= 1.5.9)
    lumberjack (1.0.9)
    mail (2.6.1)
      mime-types (>= 1.16, < 3)
    method_source (0.8.2)
    mime-types (2.4.3)
    mini_backtrace (0.1.3)
      minitest (> 1.2.0)
      rails (>= 2.3.3)
    mini_portile (0.6.0)
    minitest (5.4.2)
    minitest-reporters (1.0.5)
      ansi
      builder
      minitest (>= 5.0)
      ruby-progressbar
    multi_json (1.10.1)
    nokogiri (1.6.3.1)
      mini_portile (= 0.6.0)
    pry (0.10.1)
      coderay (~> 1.1.0)
      method_source (~> 0.8.1)
      slop (~> 3.4)
    quiet_assets (1.0.3)
      railties (>= 3.1, < 5.0)
    rack (1.5.2)
    rack-protection (1.5.3)
      rack
    rack-test (0.6.2)
      rack (>= 1.0)
    rails (4.1.6)
      actionmailer (= 4.1.6)
      actionpack (= 4.1.6)
      actionview (= 4.1.6)
      activemodel (= 4.1.6)
      activerecord (= 4.1.6)
      activesupport (= 4.1.6)
      bundler (>= 1.3.0, < 2.0)
      railties (= 4.1.6)
      sprockets-rails (~> 2.0)
    rails-html-sanitizer (1.0.1)
      loofah (~> 2.0)
    railties (4.1.6)
      actionpack (= 4.1.6)
      activesupport (= 4.1.6)
      rake (>= 0.8.7)
      thor (>= 0.18.1, < 2.0)
    rake (10.3.2)
    rb-fsevent (0.9.4)
    rb-inotify (0.9.5)
      ffi (>= 0.5.0)
    rdoc (4.1.2)
      json (~> 1.4)
    redis (3.1.0)
    redis-namespace (1.5.1)
      redis (~> 3.0, >= 3.0.4)
    resque (1.5.0)
      redis
      redis-namespace
      sinatra (>= 0.9.2)
      vegas (>= 0.1.2)
    ruby-progressbar (1.6.0)
    ruby2ruby (2.1.3)
      ruby_parser (~> 3.1)
      sexp_processor (~> 4.0)
    ruby_parser (3.5.0)
      sexp_processor (~> 4.1)
    sass (3.2.19)
    sass-rails (4.0.3)
      railties (>= 4.0.0, < 5.0)
      sass (~> 3.2.0)
      sprockets (~> 2.8, <= 2.11.0)
      sprockets-rails (~> 2.0)
    sdoc (0.4.0)
      json (~> 1.8)
      rdoc (~> 4.0, < 5.0)
    sexp_processor (4.4.5)
    sinatra (1.4.5)
      rack (~> 1.4)
      rack-protection (~> 1.4)
      tilt (~> 1.3, >= 1.3.4)
    slop (3.6.0)
    spring (1.1.3)
    sprockets (2.11.0)
      hike (~> 1.2)
      multi_json (~> 1.0)
      rack (~> 1.0)
      tilt (~> 1.1, != 1.3.0)
    sprockets-rails (2.2.0)
      actionpack (>= 3.0)
      activesupport (>= 3.0)
      sprockets (>= 2.8, < 4.0)
    sqlite3 (1.3.9)
    terminal-table (1.4.5)
    thor (0.19.1)
    thread_safe (0.3.4)
    tilt (1.4.1)
    timers (4.0.1)
      hitimes
    turbolinks (2.4.0)
      coffee-rails
    tzinfo (1.2.2)
      thread_safe (~> 0.1)
    uglifier (2.5.3)
      execjs (>= 0.3.0)
      json (>= 1.8.0)
    vegas (0.1.11)
      rack (>= 1.0.0)
    web-console (2.0.0.beta3)
      activemodel (~> 4.0)
      binding_of_caller (= 0.7.3.pre1)
      railties (~> 4.0)
      sprockets-rails (>= 2.0, < 4.0)

PLATFORMS
  ruby

DEPENDENCIES
  autoprefixer-rails
  bcrypt
  better_errors
  bootstrap-sass (~> 3.2.0)
  brakeman
  byebug
  coffee-rails
  guard-minitest (= 2.3.1)
  jbuilder
  jquery-rails
  mini_backtrace (= 0.1.3)
  minitest-reporters (= 1.0.5)
  quiet_assets
  rails (= 4.1.6)
  rails-html-sanitizer
  resque (<= 1.5)
  sass-rails (>= 3.2)
  sdoc (= 0.4.0)
  spring
  sqlite3
  turbolinks
  uglifier (>= 1.0.3)
  web-console (= 2.0.0.beta3)
